PATH
  remote: .
  specs:
    dynamodb-test (0.0.1)
      aws-sdk
      dotenv

GEM
  remote: https://rubygems.org/
  specs:
    aws-sdk (1.38.0)
      json (~> 1.4)
      nokogiri (>= 1.4.4)
      uuidtools (~> 2.1)
    dotenv (0.10.0)
    json (1.8.1)
    mini_portile2 (2.8.0)
    nokogiri (1.13.3)
      mini_portile2 (~> 2.8.0)
      racc (~> 1.4)
    racc (1.6.0)
    rake (10.2.2)
    uuidtools (2.1.4)

PLATFORMS
  ruby

DEPENDENCIES
  bundler (~> 1.5)
  dynamodb-test!
  rake
